GEM
  remote: http://rubygems.org/
  specs:
    minitest (5.20.0)
    parslet (2.0.0)
    power_assert (2.0.3)
    test-unit (3.6.1)
      power_assert

PLATFORMS
  ruby

DEPENDENCIES
  minitest
  parslet
  test-unit

RUBY VERSION
   ruby 2.4.7p357

BUNDLED WITH
   2.3.26
